GIT
  remote: git://github.com/DatabaseCleaner/database_cleaner.git
  revision: 1cab518efb4cd4d24b751252ab88fe562e302d33
  specs:
    database_cleaner (1.5.1)

GIT
  remote: git://github.com/cheezy/page-object.git
  revision: c49e2ae9c0ee70a212b0e6c74eaf322d166583c1
  specs:
    page-object (1.1.1)
      page_navigation (>= 0.9)
      selenium-webdriver (>= 2.44.0)
      watir-webdriver (>= 0.6.11)

GIT
  remote: git://github.com/cucumber/cucumber-rails.git
  revision: 6dd28caa74302b0685f606adabb8016259f571c4
  specs:
    cucumber-rails (1.4.3)
      capybara (>= 1.1.2, < 3)
      cucumber (>= 1.3.8, < 3)
      mime-types (>= 1.16, < 4)
      nokogiri (~> 1.5)
      railties (>= 3, < 5)

GIT
  remote: git://github.com/rails/rails-controller-testing.git
  revision: 9302cc4b3004cdc8a6ad2c244386a08e8dbba04d
  specs:
    rails-controller-testing (0.0.3)
      actionpack (>= 5.0.0.beta1)
      actionview (>= 5.0.0.beta1)
      activesupport (>= 5.0.0.beta1)

GIT
  remote: git://github.com/rails/rails.git
  revision: 153438f74906317956bc81989bed89bb8183e47e
  specs:
    actioncable (5.0.0.beta1.1)
      actionpack (= 5.0.0.beta1.1)
      coffee-rails (~> 4.1.0)
      nio4r (~> 1.2)
      websocket-driver (~> 0.6.1)
    actionmailer (5.0.0.beta1.1)
      actionpack (= 5.0.0.beta1.1)
      actionview (= 5.0.0.beta1.1)
      activejob (= 5.0.0.beta1.1)
      mail (~> 2.5, >= 2.5.4)
      rails-dom-testing (~> 1.0, >= 1.0.5)
    actionpack (5.0.0.beta1.1)
      actionview (= 5.0.0.beta1.1)
      activesupport (= 5.0.0.beta1.1)
      rack (~> 2.x)
      rack-test (~> 0.6.3)
      rails-dom-testing (~> 1.0, >= 1.0.5)
      rails-html-sanitizer (~> 1.0, >= 1.0.2)
    actionview (5.0.0.beta1.1)
      activesupport (= 5.0.0.beta1.1)
      builder (~> 3.1)
      erubis (~> 2.7.0)
      rails-dom-testing (~> 1.0, >= 1.0.5)
      rails-html-sanitizer (~> 1.0, >= 1.0.2)
    activejob (5.0.0.beta1.1)
      activesupport (= 5.0.0.beta1.1)
      globalid (>= 0.3.6)
    activemodel (5.0.0.beta1.1)
      activesupport (= 5.0.0.beta1.1)
    activerecord (5.0.0.beta1.1)
      activemodel (= 5.0.0.beta1.1)
      activesupport (= 5.0.0.beta1.1)
      arel (~> 7.0)
    activesupport (5.0.0.beta1.1)
      concurrent-ruby (~> 1.0)
      i18n (~> 0.7)
      json (~> 1.7, >= 1.7.7)
      method_source
      minitest (~> 5.1)
      tzinfo (~> 1.1)
    rails (5.0.0.beta1.1)
      actioncable (= 5.0.0.beta1.1)
      actionmailer (= 5.0.0.beta1.1)
      actionpack (= 5.0.0.beta1.1)
      actionview (= 5.0.0.beta1.1)
      activejob (= 5.0.0.beta1.1)
      activemodel (= 5.0.0.beta1.1)
      activerecord (= 5.0.0.beta1.1)
      activesupport (= 5.0.0.beta1.1)
      bundler (>= 1.3.0, < 2.0)
      railties (= 5.0.0.beta1.1)
      sprockets-rails (>= 2.0.0)
    railties (5.0.0.beta1.1)
      actionpack (= 5.0.0.beta1.1)
      activesupport (= 5.0.0.beta1.1)
      method_source
      rake (>= 0.8.7)
      thor (>= 0.18.1, < 2.0)

GIT
  remote: git://github.com/rails/turbolinks.git
  revision: dd31f4b2996f2300631f89339ada82c65b95f4c2
  specs:
    turbolinks (3.0.0)
      coffee-rails

GIT
  remote: git://github.com/rspec/rspec-core.git
  revision: e9b99468cbfa45d2c0f38e69a0c9c9184814e327
  specs:
    rspec-core (3.5.0.pre)
      rspec-support (= 3.5.0.pre)

GIT
  remote: git://github.com/rspec/rspec-expectations.git
  revision: 4c1856b5155f14b4fa5f2c623f2e3fe92bbd1463
  specs:
    rspec-expectations (3.5.0.pre)
      diff-lcs (>= 1.2.0, < 2.0)
      rspec-support (= 3.5.0.pre)

GIT
  remote: git://github.com/rspec/rspec-mocks.git
  revision: 2fcdbaee682efc35c146c9f713c079356ca3ec6e
  specs:
    rspec-mocks (3.5.0.pre)
      diff-lcs (>= 1.2.0, < 2.0)
      rspec-support (= 3.5.0.pre)

GIT
  remote: git://github.com/rspec/rspec-rails.git
  revision: 44e5b8a927c35397bdbf36a6a99fbb9a567f25b8
  specs:
    rspec-rails (3.5.0.pre)
      actionpack (>= 3.0)
      activesupport (>= 3.0)
      railties (>= 3.0)
      rspec-core (= 3.5.0.pre)
      rspec-expectations (= 3.5.0.pre)
      rspec-mocks (= 3.5.0.pre)
      rspec-support (= 3.5.0.pre)

GIT
  remote: git://github.com/rspec/rspec-support.git
  revision: 4b938ec512d2fbee945913afbb957b510244ecb3
  specs:
    rspec-support (3.5.0.pre)

GIT
  remote: git://github.com/thoughtbot/factory_girl_rails.git
  revision: 3c6a2ec15e9fc6e293969021ec60f5bad1515f33
  specs:
    factory_girl_rails (4.5.0)
      factory_girl (~> 4.5.0)
      railties (>= 3.0.0)

GIT
  remote: git://github.com/thoughtbot/shoulda-matchers.git
  revision: 343d5ed407681a243c29306d5197c42cc459334a
  specs:
    shoulda-matchers (3.1.1)
      activesupport (>= 4.0.0)

GIT
  remote: git://github.com/twbs/bootstrap-rubygem.git
  revision: 99b4f34210ade22ed22e9b009023c1b6799ec7e5
  specs:
    bootstrap (4.0.0.alpha3)
      autoprefixer-rails (>= 6.0.3)
      sass (>= 3.4.19)

GEM
  remote: https://rubygems.org/
  specs:
    addressable (2.4.0)
    arel (7.0.0)
    autoprefixer-rails (6.3.1)
      execjs
      json
    builder (3.2.2)
    byebug (8.2.1)
    capybara (2.6.2)
      addressable
      mime-types (>= 1.16)
      nokogiri (>= 1.3.3)
      rack (>= 1.0.0)
      rack-test (>= 0.5.4)
      xpath (~> 2.0)
    childprocess (0.5.9)
      ffi (~> 1.0, >= 1.0.11)
    coffee-rails (4.1.1)
      coffee-script (>= 2.2.0)
      railties (>= 4.0.0, < 5.1.x)
    coffee-script (2.4.1)
      coffee-script-source
      execjs
    coffee-script-source (1.10.0)
    concurrent-ruby (1.0.0)
    cucumber (2.3.2)
      builder (>= 2.1.2)
      cucumber-core (~> 1.4.0)
      cucumber-wire (~> 0.0.1)
      diff-lcs (>= 1.1.3)
      gherkin (~> 3.2.0)
      multi_json (>= 1.7.5, < 2.0)
      multi_test (>= 0.1.2)
    cucumber-core (1.4.0)
      gherkin (~> 3.2.0)
    cucumber-wire (0.0.1)
    data_magic (0.22)
      faker (>= 1.1.2)
      yml_reader (>= 0.6)
    debug_inspector (0.0.2)
    diff-lcs (1.2.5)
    erubis (2.7.0)
    execjs (2.6.0)
    factory_girl (4.5.0)
      activesupport (>= 3.0.0)
    faker (1.6.1)
      i18n (~> 0.5)
    ffi (1.9.10)
    figaro (1.1.1)
      thor (~> 0.14)
    gherkin (3.2.0)
    globalid (0.3.6)
      activesupport (>= 4.1.0)
    i18n (0.7.0)
    jbuilder (2.4.0)
      activesupport (>= 3.0.0, < 5.1)
      multi_json (~> 1.2)
    jquery-rails (4.1.0)
      rails-dom-testing (~> 1.0)
      railties (>= 4.2.0)
      thor (>= 0.14, < 2.0)
    json (1.8.3)
    loofah (2.0.3)
      nokogiri (>= 1.5.9)
    mail (2.6.3)
      mime-types (>= 1.16, < 3)
    method_source (0.8.2)
    mime-types (2.99)
    mini_portile2 (2.0.0)
    minitest (5.8.4)
    multi_json (1.11.2)
    multi_test (0.1.2)
    nio4r (1.2.0)
    nokogiri (1.6.7.2)
      mini_portile2 (~> 2.0.0.rc2)
    page_navigation (0.9)
      data_magic (>= 0.14)
    pg (0.18.4)
    puma (2.16.0)
    rack (2.0.0.alpha)
      json
    rack-test (0.6.3)
      rack (>= 1.0)
    rails-deprecated_sanitizer (1.0.3)
      activesupport (>= 4.2.0.alpha)
    rails-dom-testing (1.0.7)
      activesupport (>= 4.2.0.beta, < 5.0)
      nokogiri (~> 1.6.0)
      rails-deprecated_sanitizer (>= 1.0.1)
    rails-html-sanitizer (1.0.3)
      loofah (~> 2.0)
    rake (10.5.0)
    rubyzip (1.1.7)
    sass (3.4.21)
    sass-rails (5.0.4)
      railties (>= 4.0.0, < 5.0)
      sass (~> 3.1)
      sprockets (>= 2.8, < 4.0)
      sprockets-rails (>= 2.0, < 4.0)
      tilt (>= 1.1, < 3)
    selenium-webdriver (2.50.0)
      childprocess (~> 0.5)
      multi_json (~> 1.0)
      rubyzip (~> 1.0)
      websocket (~> 1.0)
    spring (1.6.2)
    sprockets (3.5.2)
      concurrent-ruby (~> 1.0)
      rack (> 1, < 3)
    sprockets-rails (3.0.1)
      actionpack (>= 4.0)
      activesupport (>= 4.0)
      sprockets (>= 3.0.0)
    thor (0.19.1)
    thread_safe (0.3.5)
    tilt (2.0.2)
    tzinfo (1.2.2)
      thread_safe (~> 0.1)
    uglifier (2.7.2)
      execjs (>= 0.3.0)
      json (>= 1.8.0)
    watir-webdriver (0.9.1)
      selenium-webdriver (>= 2.46.2)
    web-console (3.1.1)
      activemodel (>= 4.2)
      debug_inspector
      railties (>= 4.2)
    websocket (1.2.2)
    websocket-driver (0.6.3)
      websocket-extensions (>= 0.1.0)
    websocket-extensions (0.1.2)
    xpath (2.0.0)
      nokogiri (~> 1.3)
    yml_reader (0.7)

PLATFORMS
  ruby

DEPENDENCIES
  bootstrap!
  byebug
  coffee-rails (~> 4.1.0)
  cucumber-rails!
  database_cleaner!
  factory_girl_rails!
  figaro
  jbuilder (~> 2.0)
  jquery-rails
  page-object!
  pg (~> 0.18)
  puma
  rails!
  rails-controller-testing!
  rspec-core!
  rspec-expectations!
  rspec-mocks!
  rspec-rails!
  rspec-support!
  sass-rails
  shoulda-matchers!
  spring
  turbolinks!
  tzinfo-data
  uglifier (>= 1.3.0)
  web-console (~> 3.0)

BUNDLED WITH
   1.11.2
